GEM
  remote: https://rubygems.org/
  specs:
    rake (13.3.0)

PLATFORMS
  aarch64-linux-musl
  ruby

DEPENDENCIES
  rake

BUNDLED WITH
   2.5.22
