GEM
  remote: https://rubygems.org/
  specs:
    minitest (5.25.5)
    rake (13.3.0)

PLATFORMS
  arm64-darwin-23

DEPENDENCIES
  minitest (~> 5.25)
  rake

BUNDLED WITH
   2.4.1
